PATH
  remote: .
  specs:
    test_internals (2.0.1)
      app_mode (~> 1.0.0)

GEM
  remote: http://rubygems.org/
  specs:
    app_mode (1.0.3)
    rake_tasks (2.0.4)

PLATFORMS
  ruby

DEPENDENCIES
  rake_tasks (~> 2.0.0)
  test_internals!
