PATH
  remote: .
  specs:
    test_internals (2.0.1.dev)
      app_mode (~> 1.0.0)

GEM
  remote: http://rubygems.org/
  specs:
    app_mode (1.0.2)
    rake_tasks (2.0.3)

PLATFORMS
  ruby

DEPENDENCIES
  rake_tasks (~> 2.0.0)
  test_internals!
