GEM
  remote: http://rubygems.org/
  specs:
    app_mode (1.0.1)
    rake (0.9.2)
    rake_tasks (1.0.1)
      rake (~> 0.9.2)
      rdoc (~> 3.9.4)
    rdoc (3.9.4)

PLATFORMS
  ruby

DEPENDENCIES
  app_mode (~> 1.0.0)
  rake_tasks (~> 1.0.0)
